GIT
  remote: https://github.com/rack/rack-contrib.git
  revision: 951760b1710634623ebbccef8d65df9139bb41c2
  specs:
    rack-contrib (1.2.0)
      rack (>= 0.9.1)

PATH
  remote: .
  specs:
    puck-example_app (0.0.1-java)
      grape

PATH
  remote: ../../..
  specs:
    puck (1.2.1-java)

GEM
  remote: https://rubygems.org/
  specs:
    activesupport (3.2.13)
      i18n (= 0.6.1)
      multi_json (~> 1.0)
    backports (2.6.7)
    builder (3.2.0)
    coderay (1.0.9)
    descendants_tracker (0.0.1)
    diff-lcs (1.2.4)
    ffi (1.8.1-java)
    grape (0.4.1)
      activesupport
      builder
      hashie (>= 1.2.0)
      multi_json (>= 1.3.2)
      multi_xml (>= 0.5.2)
      rack (>= 1.3.0)
      rack-accept
      rack-mount
      virtus
    hashie (2.0.4)
    i18n (0.6.1)
    jruby-jars (1.7.11)
    method_source (0.8.1)
    multi_json (1.7.2)
    multi_xml (0.5.3)
    pry (0.9.12.1-java)
      coderay (~> 1.0.5)
      method_source (~> 0.8)
      slop (~> 3.4)
      spoon (~> 0.0)
    puma (2.0.1-java)
      rack (>= 1.1, < 2.0)
    qu (0.2.0)
      multi_json
    qu-redis (0.2.0)
      qu (= 0.2.0)
      redis-namespace
      simple_uuid
    rack (1.5.2)
    rack-accept (0.4.5)
      rack (>= 0.4)
    rack-cache (1.2)
      rack (>= 0.4)
    rack-mini-profiler (0.9.2)
      rack (>= 1.1.3)
    rack-mount (0.8.3)
      rack (>= 1.0.0)
    rake (10.3.2)
    redis (3.1.0)
    redis-namespace (1.5.1)
      redis (~> 3.0, >= 3.0.4)
    rspec (2.13.0)
      rspec-core (~> 2.13.0)
      rspec-expectations (~> 2.13.0)
      rspec-mocks (~> 2.13.0)
    rspec-core (2.13.1)
    rspec-expectations (2.13.0)
      diff-lcs (>= 1.1.3, < 2.0)
    rspec-mocks (2.13.1)
    simple_uuid (0.4.0)
    slop (3.4.4)
    spoon (0.0.3)
      ffi
    virtus (0.5.4)
      backports (~> 2.6.1)
      descendants_tracker (~> 0.0.1)

PLATFORMS
  java

DEPENDENCIES
  jruby-jars (= 1.7.11)
  pry
  puck!
  puck-example_app!
  puma
  qu-redis
  rack-cache
  rack-contrib!
  rack-mini-profiler
  rake
  rspec
